PATH
  remote: .
  specs:
    cyclopedio-wiki (0.1.0)
      rod (~> 0.7.4.0)

GEM
  remote: http://rubygems.org/
  specs:
    RubyInline (3.14.0)
      ZenTest (~> 4.3)
    ZenTest (4.12.1)
    activemodel (3.2.22.5)
      activesupport (= 3.2.22.5)
      builder (~> 3.0.0)
    activesupport (3.2.22.5)
      i18n (~> 0.6, >= 0.6.4)
      multi_json (~> 1.0)
    bigdecimal (1.3.5)
    bsearch (1.5.0)
    builder (3.0.4)
    colors (0.0.7)
    concurrent-ruby (1.2.3)
    connection_pool (2.4.1)
    daemons (1.4.1)
    eventmachine (1.2.7)
    htmlentities (4.3.4)
    i18n (0.9.5)
      concurrent-ruby (~> 1.0)
    link_header (0.0.8)
    multi_json (1.15.0)
    net-http-persistent (4.0.2)
      connection_pool (~> 2.2)
    progress (3.6.0)
    rack (2.2.8.1)
    rake (13.1.0)
    rdf (3.2.11)
      link_header (~> 0.0, >= 0.0.8)
    ref (1.0.5)
    rod (0.7.4.3)
      RubyInline (>= 3.10.0, < 4.0.0)
      activemodel (~> 3.2, >= 3.2.2)
      bsearch (>= 1.5.0, < 1.6.0)
      ref (>= 1.0.5, < 2.0.0)
      strings-inflection (>= 0.1.0, < 0.2.0)
    slop (3.4.7)
    sparql-client (3.2.2)
      net-http-persistent (~> 4.0, >= 4.0.2)
      rdf (~> 3.2, >= 3.2.11)
    strings-inflection (0.1.0)
    thin (1.8.2)
      daemons (~> 1.0, >= 1.0.9)
      eventmachine (~> 1.0, >= 1.0.4)
      rack (>= 1, < 3)

PLATFORMS
  x86_64-linux

DEPENDENCIES
  bigdecimal (= 1.3.5)
  colors
  cyclopedio-wiki!
  htmlentities
  progress
  rake
  rod (~> 0.7.4.3)
  slop (~> 3.4.7)
  sparql-client
  thin

BUNDLED WITH
   2.4.22
